GEM
  remote: https://rubygems.org/
  specs:
    flickraw (0.9.7)
    flickraw-cached (20120701)
      flickraw (>= 0.9)

PLATFORMS
  x86-mingw32

DEPENDENCIES
  flickraw
  flickraw-cached
